PATH
  remote: ../../..
  specs:
    yard-rustdoc (0.2.0)
      syntax_tree (~> 4.0)
      yard (~> 0.9)

GEM
  remote: https://rubygems.org/
  specs:
    prettier_print (1.1.0)
    rake (13.0.6)
    rake-compiler (1.2.0)
      rake
    rb_sys (0.9.30)
    syntax_tree (4.3.0)
      prettier_print (>= 1.0.2)
    webrick (1.7.0)
    yard (0.9.28)
      webrick (~> 1.7.0)

PLATFORMS
  arm64-darwin-21

DEPENDENCIES
  rake-compiler (~> 1.2.0)
  rb_sys (~> 0.9.18)
  yard
  yard-rustdoc!

BUNDLED WITH
   2.3.19
